GEM
  remote: https://rubygems.org/
  specs:
    concurrent-ruby (1.1.6)
    fileutils (1.4.1)
    os (1.1.0)
    rubyzip (2.3.0)

PLATFORMS
  ruby
  x64-mingw32

DEPENDENCIES
  concurrent-ruby
  fileutils
  os
  rubyzip

BUNDLED WITH
   2.1.4
