GEM
  remote: https://rubygems.org/
  specs:
    concurrent-ruby (1.1.8)
    fileutils (1.5.0)
    os (1.1.1)

PLATFORMS
  x86_64-darwin-20

DEPENDENCIES
  concurrent-ruby
  fileutils
  os

BUNDLED WITH
   2.2.14
